GEM
  remote: https://rubygems.org/
  specs:
    date (3.1.1)
    io-console (0.5.9)
    irb (1.3.5)
      reline (>= 0.1.5)
    json (2.5.1)
    net-ping (2.0.8)
    openssl (2.2.0)
    ostruct (0.3.3)
    reline (0.2.5)
      io-console (~> 0.5)
    slop (4.8.2)

PLATFORMS
  ruby
  x86_64-darwin-20

DEPENDENCIES
  date
  irb
  json (> 2.3.0)
  net-ping
  openssl
  ostruct
  slop

BUNDLED WITH
   2.2.16
