GEM
  remote: https://rubygems.org/
  specs:
    date (2.0.0)
    ipaddr (1.2.2)
    irb (1.0.0)
    json (2.5.1)
    net-ping (2.0.5)
    openssl (2.1.2)
      ipaddr
    ostruct (0.1.0)
    slop (4.6.2)

PLATFORMS
  ruby
  x86_64-darwin-20

DEPENDENCIES
  date
  irb
  json (> 2.3.0)
  net-ping
  openssl
  ostruct
  slop

BUNDLED WITH
   2.2.0
